GEM
  remote: https://rubygems.org/
  specs:
    domain_name (0.5.20161021)
      unf (>= 0.0.5, < 1.0.0)
    dotenv (2.1.1)
    http-cookie (1.0.3)
      domain_name (~> 0.5)
    mime-types (3.1)
      mime-types-data (~> 3.2015)
    mime-types-data (3.2016.0521)
    multi_json (1.12.1)
    netrc (0.11.0)
    rack (1.6.4)
    rack-protection (1.5.3)
      rack
    rest-client (2.0.0)
      http-cookie (>= 1.0.2, < 2.0)
      mime-types (>= 1.16, < 4.0)
      netrc (~> 0.8)
    sinatra (1.4.7)
      rack (~> 1.5)
      rack-protection (~> 1.4)
      tilt (>= 1.3, < 3)
    sinatra-json (0.1.0)
      multi_json (~> 1.0)
      sinatra (~> 1.0)
    sinatra-partial (1.0.0)
      sinatra (~> 1.4)
    tilt (2.0.5)
    unf (0.1.4)
      unf_ext
    unf_ext (0.0.7.2)
    urbanairship (3.2.4)
      rest-client (>= 1.4, < 4.0)

PLATFORMS
  ruby

DEPENDENCIES
  dotenv
  sinatra
  sinatra-json
  sinatra-partial
  urbanairship

BUNDLED WITH
   1.10.6
